GEM
  remote: https://rubygems.org/
  specs:
    redcarpet (3.3.2)

PLATFORMS
  ruby

DEPENDENCIES
  redcarpet

BUNDLED WITH
   1.10.6
